GEM
  remote: https://rubygems.org/
  specs:
    diff-lcs (1.5.0)
    fakefs (1.8.0)
    gruff (0.19.0)
      histogram
      rmagick (>= 4.2)
    histogram (0.2.4.1)
    mustermann (3.0.0)
      ruby2_keywords (~> 0.0.1)
    pkg-config (1.5.1)
    rack (2.2.4)
    rack-protection (3.0.4)
      rack
    rake (13.0.6)
    rmagick (5.1.0)
      pkg-config (~> 1.4)
    rspec (3.12.0)
      rspec-core (~> 3.12.0)
      rspec-expectations (~> 3.12.0)
      rspec-mocks (~> 3.12.0)
    rspec-core (3.12.0)
      rspec-support (~> 3.12.0)
    rspec-expectations (3.12.0)
      diff-lcs (>= 1.2.0, < 2.0)
      rspec-support (~> 3.12.0)
    rspec-mocks (3.12.1)
      diff-lcs (>= 1.2.0, < 2.0)
      rspec-support (~> 3.12.0)
    rspec-support (3.12.0)
    ruby2_keywords (0.0.5)
    sinatra (3.0.4)
      mustermann (~> 3.0)
      rack (~> 2.2, >= 2.2.4)
      rack-protection (= 3.0.4)
      tilt (~> 2.0)
    tilt (2.0.11)

PLATFORMS
  x86_64-linux

DEPENDENCIES
  fakefs
  gruff
  rake
  rspec
  sinatra

BUNDLED WITH
   2.2.33
